PATH
  remote: .
  specs:
    iry (0.1.0)

GEM
  remote: https://rubygems.org/
  specs:
    activemodel (7.0.6)
      activesupport (= 7.0.6)
    activerecord (7.0.6)
      activemodel (= 7.0.6)
      activesupport (= 7.0.6)
    activesupport (7.0.6)
      concurrent-ruby (~> 1.0, >= 1.0.2)
      i18n (>= 1.6, < 2)
      minitest (>= 5.1)
      tzinfo (~> 2.0)
    ast (2.4.2)
    byebug (11.1.3)
    coderay (1.1.3)
    commander (4.6.0)
      highline (~> 2.0.0)
    concurrent-ruby (1.2.2)
    highline (2.0.3)
    i18n (1.14.1)
      concurrent-ruby (~> 1.0)
    method_source (1.0.0)
    minitest (5.18.1)
    minitest-power_assert (0.3.1)
      minitest
      power_assert (>= 1.1)
    parlour (5.0.0)
      commander (~> 4.5)
      parser
      rainbow (~> 3.0)
      sorbet-runtime (>= 0.5)
    parser (3.2.2.3)
      ast (~> 2.4.1)
      racc
    pg (1.5.3)
    power_assert (2.0.3)
    pry (0.14.2)
      coderay (~> 1.1)
      method_source (~> 1.0)
    pry-byebug (3.10.1)
      byebug (~> 11.0)
      pry (>= 0.13, < 0.15)
    pry-byebug-power_assert (0.1.2)
      power_assert (>= 1.0.0)
      pry-byebug
    racc (1.7.1)
    rainbow (3.1.1)
    rake (13.0.6)
    rbs (3.1.0)
    sorbet-runtime (0.5.10902)
    sord (6.0.0)
      commander (~> 4.5)
      parlour (~> 5.0)
      rbs (~> 3.0)
      sorbet-runtime
      yard
    tzinfo (2.0.6)
      concurrent-ruby (~> 1.0)
    yard (0.9.34)

PLATFORMS
  x86_64-linux

DEPENDENCIES
  activerecord
  iry!
  minitest
  minitest-power_assert
  pg
  pry-byebug
  pry-byebug-power_assert
  rake (~> 13.0)
  sord

BUNDLED WITH
   2.4.15
